GEM
  remote: https://rubygems.org/
  remote: https://gem.fury.io/crichqltd/
  specs:
    aws-sdk-v1 (1.66.0)
      json (~> 1.4)
      nokogiri (>= 1.4.4)
    chronic_duration (0.10.6)
      numerizer (~> 0.1.1)
    clamp (1.0.0)
    crack (0.1.8)
    crichq-shipper (0.0.38)
      aws-sdk-v1
      chronic_duration
      clamp
      deep_merge
      docker-api
      git
      jiralicious
      postmark (~> 1.1.0)
      ruby_dig
      slack-notifier
    deep_merge (1.0.1)
    docker-api (1.26.2)
      excon (>= 0.38.0)
      json
    excon (0.48.0)
    git (1.3.0)
    hashie (2.1.2)
    httparty (0.11.0)
      multi_json (~> 1.0)
      multi_xml (>= 0.5.2)
    jiralicious (0.5.0)
      crack (~> 0.1.8)
      hashie (>= 1.1, < 3.0.0)
      httparty (>= 0.10, < 0.12.0)
      json (>= 1.6, < 1.9.0)
      nokogiri (< 1.6)
      oauth
    json (1.8.3)
    multi_json (1.11.2)
    multi_xml (0.5.5)
    nokogiri (1.5.11)
    numerizer (0.1.1)
    oauth (0.5.1)
    postmark (1.1.2)
      json
      rake
    rake (11.1.1)
    ruby_dig (0.0.2)
    slack-notifier (1.5.1)

PLATFORMS
  ruby

DEPENDENCIES
  crichq-shipper
  rake

BUNDLED WITH
   1.10.6
